PATH
  remote: .
  specs:
    DNSUpdater (1.0.1)
      addressable
      bcrypt_pbkdf
      ed25519
      idn-ruby
      net-ssh
      pdns_api
      public_suffix
      puma
      rack

GEM
  remote: https://rubygems.org/
  specs:
    addressable (2.7.0)
      public_suffix (>= 2.0.2, < 5.0)
    bcrypt_pbkdf (1.0.1)
    crack (0.4.3)
      safe_yaml (~> 1.0.0)
    diff-lcs (1.3)
    docile (1.3.2)
    ed25519 (1.2.4)
    hashdiff (1.0.0)
    idn-ruby (0.1.0)
    io-console (0.5.3)
    irb (1.2.1)
      reline (>= 0.0.1)
    json (2.3.0)
    net-ssh (5.2.0)
    nio4r (2.5.2)
    pdns_api (0.1.3)
    public_suffix (4.0.2)
    puma (4.3.3)
      nio4r (~> 2.0)
    rack (2.0.8)
    rack-test (1.1.0)
      rack (>= 1.0, < 3)
    rake (13.0.1)
    redcarpet (3.5.0)
    reline (0.1.2)
      io-console (~> 0.5)
    rspec (3.9.0)
      rspec-core (~> 3.9.0)
      rspec-expectations (~> 3.9.0)
      rspec-mocks (~> 3.9.0)
    rspec-core (3.9.0)
      rspec-support (~> 3.9.0)
    rspec-expectations (3.9.0)
      diff-lcs (>= 1.2.0, < 2.0)
      rspec-support (~> 3.9.0)
    rspec-mocks (3.9.0)
      diff-lcs (>= 1.2.0, < 2.0)
      rspec-support (~> 3.9.0)
    rspec-support (3.9.0)
    safe_yaml (1.0.5)
    simplecov (0.17.1)
      docile (~> 1.1)
      json (>= 1.8, < 3)
      simplecov-html (~> 0.10.0)
    simplecov-html (0.10.2)
    webmock (3.7.6)
      addressable (>= 2.3.6)
      crack (>= 0.3.2)
      hashdiff (>= 0.4.0, < 2.0.0)
    yard (0.9.20)

PLATFORMS
  ruby

DEPENDENCIES
  DNSUpdater!
  bundler (~> 2.0)
  irb
  rack-test
  rake (~> 13.0)
  redcarpet
  rspec (~> 3.0)
  simplecov
  webmock (>= 3.7)
  yard

BUNDLED WITH
   2.1.3
